GEM
  remote: https://rubygems.org/
  specs:
    multi_json (1.15.0)
    mustermann (3.0.0)
      ruby2_keywords (~> 0.0.1)
    nio4r (2.5.8)
    puma (5.6.4)
      nio4r (~> 2.0)
    rack (2.2.6.2)
    rack-protection (3.0.5)
      rack
    ruby2_keywords (0.0.5)
    sinatra (3.0.5)
      mustermann (~> 3.0)
      rack (~> 2.2, >= 2.2.4)
      rack-protection (= 3.0.5)
      tilt (~> 2.0)
    sinatra-contrib (3.0.5)
      multi_json
      mustermann (~> 3.0)
      rack-protection (= 3.0.5)
      sinatra (= 3.0.5)
      tilt (~> 2.0)
    sqlite3 (1.6.0-arm64-darwin)
    tilt (2.0.11)

PLATFORMS
  arm64-darwin-21
  arm64-darwin-22

DEPENDENCIES
  puma
  sinatra
  sinatra-contrib
  sqlite3

BUNDLED WITH
   2.4.4
